GEM
  remote: http://rubygems.org/
  specs:
    commonjs (0.2.6)
    daemons (1.1.9)
    eventmachine (1.0.0)
    haml (3.1.7)
    less (2.2.2)
      commonjs (~> 0.2.6)
    libv8 (3.11.8.4)
    rack (1.4.1)
    rack-protection (1.3.2)
      rack
    ref (1.0.2)
    sinatra (1.3.3)
      rack (~> 1.3, >= 1.3.6)
      rack-protection (~> 1.2)
      tilt (~> 1.3, >= 1.3.3)
    therubyracer (0.11.0)
      ref
    thin (1.5.0)
      daemons (>= 1.0.9)
      eventmachine (>= 0.12.6)
      rack (>= 1.0.0)
    tilt (1.3.3)

PLATFORMS
  ruby

DEPENDENCIES
  haml
  less
  libv8
  sinatra
  therubyracer
  thin
