GEM
  remote: http://rubygems.org/
  specs:
    bson (1.8.5)
    bson_ext (1.8.5)
      bson (~> 1.8.5)
    commonjs (0.2.6)
    haml (4.0.2)
      tilt
    less (2.3.1)
      commonjs (~> 0.2.6)
    libv8 (3.3.10.4)
    mongo (1.8.5)
      bson (~> 1.8.5)
    rack (1.5.2)
    rack-protection (1.5.0)
      rack
    sass (3.2.7)
    sinatra (1.4.2)
      rack (~> 1.5, >= 1.5.2)
      rack-protection (~> 1.4)
      tilt (~> 1.3, >= 1.3.4)
    therubyracer (0.10.2)
      libv8 (~> 3.3.10)
    tilt (1.3.7)

PLATFORMS
  ruby

DEPENDENCIES
  bson_ext
  haml
  less
  libv8
  mongo
  sass
  sinatra
  therubyracer (~> 0.10.2)
