GEM
  remote: http://rubygems.org/
  specs:
    aws-s3 (0.6.3)
      builder
      mime-types
      xml-simple
    bson (1.8.5)
    bson_ext (1.8.5)
      bson (~> 1.8.5)
    builder (3.2.0)
    commonjs (0.2.6)
    haml (4.0.2)
      tilt
    less (2.3.1)
      commonjs (~> 0.2.6)
    libv8 (3.3.10.4)
    mime-types (1.22)
    mongo (1.8.5)
      bson (~> 1.8.5)
    rack (1.5.2)
    rack-protection (1.5.0)
      rack
    sinatra (1.4.2)
      rack (~> 1.5, >= 1.5.2)
      rack-protection (~> 1.4)
      tilt (~> 1.3, >= 1.3.4)
    therubyracer (0.10.2)
      libv8 (~> 3.3.10)
    tilt (1.3.7)
    xml-simple (1.1.2)

PLATFORMS
  ruby

DEPENDENCIES
  aws-s3
  bson_ext
  haml
  less
  libv8
  mongo
  sinatra
  therubyracer (~> 0.10.2)
