GEM
  remote: http://rubygems.org/
  specs:
    backports (3.3.0)
    bson (1.8.5)
    bson_ext (1.8.5)
      bson (~> 1.8.5)
    eventmachine (1.0.3)
    haml (4.0.2)
      tilt
    libv8 (3.3.10.4)
    mongo (1.8.5)
      bson (~> 1.8.5)
    parallel (0.6.4)
    rack (1.5.2)
    rack-protection (1.5.0)
      rack
    rack-test (0.6.2)
      rack (>= 1.0)
    rmagick (2.13.2)
    sass (3.2.7)
    sinatra (1.4.2)
      rack (~> 1.5, >= 1.5.2)
      rack-protection (~> 1.4)
      tilt (~> 1.3, >= 1.3.4)
    sinatra-contrib (1.4.0)
      backports (>= 2.0)
      eventmachine
      rack-protection
      rack-test
      sinatra (~> 1.4.2)
      tilt (~> 1.3)
    therubyracer (0.10.2)
      libv8 (~> 3.3.10)
    tilt (1.3.7)

PLATFORMS
  ruby

DEPENDENCIES
  bson_ext
  haml
  libv8
  mongo
  parallel
  rmagick
  sass
  sinatra
  sinatra-contrib
  therubyracer (~> 0.10.2)
